GEM
  remote: http://rubygems.org/
  specs:
    bson (3.0.2)
    columnize (0.9.0)
    debugger (1.6.8)
      columnize (>= 0.3.1)
      debugger-linecache (~> 1.2.0)
      debugger-ruby_core_source (~> 1.3.5)
    debugger-linecache (1.2.0)
    debugger-ruby_core_source (1.3.8)
    descriptive_statistics (2.5.1)
    diff-lcs (1.2.5)
    htmlentities (4.3.3)
    mini_portile (0.6.2)
    mongo (2.0.3)
      bson (~> 3.0)
    nokogiri (1.6.6.2)
      mini_portile (~> 0.6.0)
    nori (2.4.0)
    pbf_parser (0.2.0)
    rgeo (0.3.20)
    rspec (3.1.0)
      rspec-core (~> 3.1.0)
      rspec-expectations (~> 3.1.0)
      rspec-mocks (~> 3.1.0)
    rspec-core (3.1.7)
      rspec-support (~> 3.1.0)
    rspec-expectations (3.1.2)
      diff-lcs (>= 1.2.0, < 2.0)
      rspec-support (~> 3.1.0)
    rspec-mocks (3.1.3)
      rspec-support (~> 3.1.0)
    rspec-support (3.1.2)

PLATFORMS
  ruby

DEPENDENCIES
  bson (= 3.0.2)
  debugger (= 1.6.8)
  descriptive_statistics (= 2.5.1)
  htmlentities (= 4.3.3)
  mongo (= 2.0.3)
  nokogiri (= 1.6.6.2)
  nori (= 2.4.0)
  pbf_parser (= 0.2.0)
  rgeo (= 0.3.20)
  rspec (= 3.1.0)
